GEM
  remote: https://rubygems.org/
  specs:
    activesupport (7.0.7.2)
      concurrent-ruby (~> 1.0, >= 1.0.2)
      i18n (>= 1.6, < 2)
      minitest (>= 5.1)
      tzinfo (~> 2.0)
    ast (2.4.1)
    concurrent-ruby (1.2.2)
    i18n (1.14.1)
      concurrent-ruby (~> 1.0)
    minitest (5.19.0)
    parallel (1.20.1)
    parser (2.7.2.0)
      ast (~> 2.4.1)
    rack (3.0.9.1)
    rainbow (3.0.0)
    regexp_parser (2.0.0)
    rexml (3.2.5)
    rubocop (1.6.1)
      parallel (~> 1.10)
      parser (>= 2.7.1.5)
      rainbow (>= 2.2.2, < 4.0)
      regexp_parser (>= 1.8, < 3.0)
      rexml
      rubocop-ast (>= 1.2.0, < 2.0)
      ruby-progressbar (~> 1.7)
      unicode-display_width (>= 1.4.0, < 2.0)
    rubocop-ast (1.3.0)
      parser (>= 2.7.1.5)
    rubocop-rails (2.9.0)
      activesupport (>= 4.2.0)
      rack (>= 1.1)
      rubocop (>= 0.90.0, < 2.0)
    ruby-progressbar (1.10.1)
    tzinfo (2.0.6)
      concurrent-ruby (~> 1.0)
    unicode-display_width (1.7.0)

PLATFORMS
  ruby

DEPENDENCIES
  rubocop
  rubocop-rails

BUNDLED WITH
   2.1.4
