GEM
  remote: https://rubygems.org/
  specs:
    httparty (0.18.1)
      mime-types (~> 3.0)
      multi_xml (>= 0.5.2)
    mime-types (3.3.1)
      mime-types-data (~> 3.2015)
    mime-types-data (3.2020.1104)
    mocha (1.11.2)
    multi_xml (0.6.0)
    power_assert (1.2.0)
    test-unit (3.3.7)
      power_assert

PLATFORMS
  ruby

DEPENDENCIES
  httparty
  mocha
  test-unit

BUNDLED WITH
   2.1.4
